GIT
  remote: https://github.com/peritor/happening.git
  revision: c4f5c30c643565eadea89e5d2d9b641b16bd0198
  specs:
    happening (0.2.5)
      em-http-request

GEM
  remote: http://rubygems.org/
  specs:
    addressable (2.3.2)
    airbrake (3.1.5)
      builder
      girl_friday
    async_sinatra (1.0.0)
      rack (>= 1.4.1)
      sinatra (>= 1.3.2)
    aws-s3 (0.6.3)
      builder
      mime-types
      xml-simple
    builder (3.1.3)
    connection_pool (0.9.2)
    cookiejar (0.3.0)
    diff-lcs (1.1.3)
    em-http-request (1.0.3)
      addressable (>= 2.2.3)
      cookiejar
      em-socksify
      eventmachine (>= 1.0.0.beta.4)
      http_parser.rb (>= 0.5.3)
    em-socksify (0.2.1)
      eventmachine (>= 1.0.0.beta.4)
    eventmachine (1.0.0)
    girl_friday (0.10.0)
      connection_pool (~> 0.9.0)
    haml (3.1.7)
    http_parser.rb (0.5.3)
    imgkit (1.3.7)
    json (1.7.5)
    json_pure (1.7.5)
    mime-types (1.19)
    newrelic_rpm (3.4.2.1)
    rack (1.4.1)
    rack-protection (1.2.0)
      rack
    rack-test (0.6.2)
      rack (>= 1.0)
    redis (3.0.1)
    rmagick (2.12.0)
    rspec (2.11.0)
      rspec-core (~> 2.11.0)
      rspec-expectations (~> 2.11.0)
      rspec-mocks (~> 2.11.0)
    rspec-core (2.11.1)
    rspec-expectations (2.11.3)
      diff-lcs (~> 1.1.3)
    rspec-mocks (2.11.3)
    shotgun (0.9)
      rack (>= 1.0)
    sinatra (1.3.3)
      rack (~> 1.3, >= 1.3.6)
      rack-protection (~> 1.2)
      tilt (~> 1.3, >= 1.3.3)
    sinatra-jsonp (0.3.2)
      json_pure (~> 1.4)
      sinatra (~> 1.0)
    tilt (1.3.3)
    xml-simple (1.1.1)

PLATFORMS
  ruby

DEPENDENCIES
  airbrake
  async_sinatra
  aws-s3
  haml
  happening!
  imgkit
  json
  newrelic_rpm
  rack-test
  redis
  rmagick (= 2.12.0)
  rspec
  shotgun
  sinatra
  sinatra-jsonp
