GEM
  remote: http://rubygems.org/
  specs:
    aws-s3 (0.6.3)
      builder
      mime-types
      xml-simple
    builder (3.1.3)
    haml (3.1.7)
    imgkit (1.3.7)
    json (1.7.5)
    mime-types (1.19)
    rack (1.4.1)
    rack-protection (1.2.0)
      rack
    redis (3.0.1)
    shotgun (0.9)
      rack (>= 1.0)
    sinatra (1.3.3)
      rack (~> 1.3, >= 1.3.6)
      rack-protection (~> 1.2)
      tilt (~> 1.3, >= 1.3.3)
    sinatra-initializers (0.1.4)
    tilt (1.3.3)
    xml-simple (1.1.1)

PLATFORMS
  ruby

DEPENDENCIES
  aws-s3
  haml
  imgkit
  json
  redis
  shotgun
  sinatra
  sinatra-initializers
