GEM
  remote: http://rubygems.org/
  specs:
    airbrake (3.1.5)
      builder
      girl_friday
    aws-s3 (0.6.3)
      builder
      mime-types
      xml-simple
    builder (3.1.3)
    connection_pool (0.9.2)
    diff-lcs (1.1.3)
    girl_friday (0.10.0)
      connection_pool (~> 0.9.0)
    haml (3.1.7)
    imgkit (1.3.7)
    json (1.7.5)
    json_pure (1.7.5)
    mime-types (1.19)
    newrelic_rpm (3.4.2.1)
    rack (1.4.1)
    rack-protection (1.2.0)
      rack
    rack-test (0.6.2)
      rack (>= 1.0)
    redis (3.0.1)
    rmagick (2.12.0)
    rspec (2.11.0)
      rspec-core (~> 2.11.0)
      rspec-expectations (~> 2.11.0)
      rspec-mocks (~> 2.11.0)
    rspec-core (2.11.1)
    rspec-expectations (2.11.3)
      diff-lcs (~> 1.1.3)
    rspec-mocks (2.11.3)
    shotgun (0.9)
      rack (>= 1.0)
    sinatra (1.3.3)
      rack (~> 1.3, >= 1.3.6)
      rack-protection (~> 1.2)
      tilt (~> 1.3, >= 1.3.3)
    sinatra-jsonp (0.3.2)
      json_pure (~> 1.4)
      sinatra (~> 1.0)
    tilt (1.3.3)
    xml-simple (1.1.1)

PLATFORMS
  ruby

DEPENDENCIES
  airbrake
  aws-s3
  haml
  imgkit
  json
  newrelic_rpm
  rack-test
  redis
  rmagick (= 2.12.0)
  rspec
  shotgun
  sinatra
  sinatra-jsonp
