GEM
  remote: http://rubygems.org/
  specs:
    imgkit (1.3.7)
    json (1.7.5)
    rack (1.4.1)
    rack-protection (1.2.0)
      rack
    shotgun (0.9)
      rack (>= 1.0)
    sinatra (1.3.3)
      rack (~> 1.3, >= 1.3.6)
      rack-protection (~> 1.2)
      tilt (~> 1.3, >= 1.3.3)
    sinatra-initializers (0.1.4)
    tilt (1.3.3)

PLATFORMS
  ruby

DEPENDENCIES
  imgkit
  json
  shotgun
  sinatra
  sinatra-initializers
