GEM
  remote: http://bundler-api.herokuapp.com/
  specs:
    activesupport (3.2.13)
      i18n (= 0.6.1)
      multi_json (~> 1.0)
    airbrake (3.1.8)
      activesupport
      builder
      json
    aws-s3 (0.6.3)
      builder
      mime-types
      xml-simple
    builder (3.2.0)
    diff-lcs (1.2.1)
    haml (4.0.1)
      tilt
    i18n (0.6.1)
    imgkit (1.3.9)
    json (1.7.7)
    kgio (2.8.0)
    mime-types (1.21)
    multi_json (1.3.7)
    newrelic_rpm (3.6.0.78)
    rack (1.5.2)
    rack-protection (1.5.0)
      rack
    rack-test (0.6.2)
      rack (>= 1.0)
    raindrops (0.10.0)
    redis (3.0.3)
    rmagick (2.12.0)
    rspec (2.13.0)
      rspec-core (~> 2.13.0)
      rspec-expectations (~> 2.13.0)
      rspec-mocks (~> 2.13.0)
    rspec-core (2.13.1)
    rspec-expectations (2.13.0)
      diff-lcs (>= 1.1.3, < 2.0)
    rspec-mocks (2.13.0)
    shotgun (0.9)
      rack (>= 1.0)
    sinatra (1.4.2)
      rack (~> 1.5, >= 1.5.2)
      rack-protection (~> 1.4)
      tilt (~> 1.3, >= 1.3.4)
    sinatra-jsonp (0.4.1)
      multi_json (~> 1.3.7)
      sinatra (~> 1.0)
    tilt (1.3.6)
    unicorn (4.6.2)
      kgio (~> 2.6)
      rack
      raindrops (~> 0.7)
    xml-simple (1.1.2)

PLATFORMS
  ruby

DEPENDENCIES
  airbrake
  aws-s3
  haml
  imgkit
  json
  newrelic_rpm
  rack-test
  redis
  rmagick (= 2.12.0)
  rspec
  shotgun
  sinatra
  sinatra-jsonp
  unicorn
