GEM
  remote: http://bundler-api.herokuapp.com/
  specs:
    airbrake (3.1.15)
      builder
      multi_json
    aws-s3 (0.6.3)
      builder
      mime-types
      xml-simple
    builder (3.2.2)
    coveralls (0.7.0)
      multi_json (~> 1.3)
      rest-client
      simplecov (>= 0.7)
      term-ansicolor
      thor
    diff-lcs (1.2.5)
    docile (1.1.2)
    haml (4.0.5)
      tilt
    imgkit (1.3.10)
    json (1.8.1)
    kgio (2.8.1)
    mime-types (2.0)
    multi_json (1.8.4)
    newrelic_rpm (3.7.1.182)
    rack (1.5.2)
    rack-protection (1.5.1)
      rack
    rack-test (0.6.2)
      rack (>= 1.0)
    raindrops (0.12.0)
    redis (3.0.6)
    rest-client (1.6.7)
      mime-types (>= 1.16)
    rmagick (2.12.0)
    rspec (2.14.1)
      rspec-core (~> 2.14.0)
      rspec-expectations (~> 2.14.0)
      rspec-mocks (~> 2.14.0)
    rspec-core (2.14.7)
    rspec-expectations (2.14.4)
      diff-lcs (>= 1.1.3, < 2.0)
    rspec-mocks (2.14.4)
    shotgun (0.9)
      rack (>= 1.0)
    simplecov (0.8.2)
      docile (~> 1.1.0)
      multi_json
      simplecov-html (~> 0.8.0)
    simplecov-html (0.8.0)
    sinatra (1.4.4)
      rack (~> 1.4)
      rack-protection (~> 1.4)
      tilt (~> 1.3, >= 1.3.4)
    sinatra-jsonp (0.4.3)
      multi_json (~> 1.8)
      sinatra (~> 1.0)
    term-ansicolor (1.2.2)
      tins (~> 0.8)
    thor (0.18.1)
    tilt (1.4.1)
    tins (0.13.1)
    unicorn (4.8.0)
      kgio (~> 2.6)
      rack
      raindrops (~> 0.7)
    xml-simple (1.1.3)

PLATFORMS
  ruby

DEPENDENCIES
  airbrake
  aws-s3
  coveralls
  haml
  imgkit
  json
  newrelic_rpm
  rack-test
  redis
  rmagick (= 2.12.0)
  rspec
  shotgun
  simplecov
  sinatra
  sinatra-jsonp
  unicorn
